GEM
  remote: https://rubygems.org/
  specs:
    dotenv (3.1.8)
    mysql2 (0.5.6)

PLATFORMS
  arm64-darwin-24
  ruby

DEPENDENCIES
  dotenv
  mysql2

BUNDLED WITH
   2.7.1
